GIT
  remote: git://github.com/andreasronge/neo4j-core.git
  revision: 146f11bc59681294f42d6331c448c4bd800675aa
  specs:
    neo4j-core (2.1.0-java)
      neo4j-community (>= 1.8.M05, < 1.9)

GIT
  remote: git://github.com/andreasronge/neo4j-will_paginate.git
  revision: 02e972b3ca0d18267b94839137ca1805e33504ad
  specs:
    neo4j-will_paginate (0.1.1-java)
      activesupport (~> 3.0)
      neo4j (>= 2.0.0.alpha.4)
      will_paginate (~> 3.0)

GIT
  remote: git://github.com/andreasronge/neo4j.git
  revision: 025cc52cd376709d989d690b41b141c5e138f9d4
  specs:
    neo4j (2.1.0.alpha1-java)
      activemodel (>= 3.0.0, < 3.3)
      neo4j-wrapper (= 2.1.0)
      orm_adapter (>= 0.0.3)
      railties (>= 3.0.0, < 3.3)

GIT
  remote: git://github.com/seyhunak/twitter-bootstrap-rails.git
  revision: 33e73ca9f3fc9241dc164a2c18d90e5c1ccdb2a2
  specs:
    twitter-bootstrap-rails (2.1.3)
      actionpack (>= 3.1)
      less-rails (~> 2.2.3)
      railties (>= 3.1)
      therubyrhino (~> 1.73.4)

GIT
  remote: git@github.com:cfitz/devise-neo4j.git
  revision: 3eb65a547dabd69597ad79b0918885b4b106f897
  specs:
    devise-neo4j (1.0.3)
      devise
      neo4j
      oa-oauth
      oa-openid

GEM
  remote: https://rubygems.org/
  specs:
    ZenTest (4.8.2)
    actionmailer (3.2.3)
      actionpack (= 3.2.3)
      mail (~> 2.4.4)
    actionpack (3.2.3)
      activemodel (= 3.2.3)
      activesupport (= 3.2.3)
      builder (~> 3.0.0)
      erubis (~> 2.7.0)
      journey (~> 1.0.1)
      rack (~> 1.4.0)
      rack-cache (~> 1.2)
      rack-test (~> 0.6.1)
      sprockets (~> 2.1.2)
    activemodel (3.2.3)
      activesupport (= 3.2.3)
      builder (~> 3.0.0)
    activerecord (3.2.3)
      activemodel (= 3.2.3)
      activesupport (= 3.2.3)
      arel (~> 3.0.2)
      tzinfo (~> 0.3.29)
    activeresource (3.2.3)
      activemodel (= 3.2.3)
      activesupport (= 3.2.3)
    activesupport (3.2.3)
      i18n (~> 0.6)
      multi_json (~> 1.0)
    addressable (2.2.8)
    arel (3.0.2)
    autotest-fsevent (0.2.8)
      sys-uname
    autotest-growl (0.2.16)
    autotest-rails (4.1.2)
      ZenTest (~> 4.5)
    aws-s3 (0.6.3)
      builder
      mime-types
      xml-simple
    bcrypt-ruby (3.0.1-java)
    blankslate (2.1.2.4)
    bootstrap-datepicker-rails (0.6.17)
      railties (>= 3.0)
    bootstrap-wysihtml5-rails (0.3.1)
      railties (>= 3.0)
    bouncy-castle-java (1.5.0146.1)
    builder (3.0.3)
    capybara (1.1.2)
      mime-types (>= 1.16)
      nokogiri (>= 1.3.3)
      rack (>= 1.0.0)
      rack-test (>= 0.5.4)
      selenium-webdriver (~> 2.0)
      xpath (~> 0.1.4)
    childprocess (0.3.5)
      ffi (~> 1.0, >= 1.0.6)
    clj (0.0.5.6)
    cocaine (0.3.0)
    coffee-rails (3.2.2)
      coffee-script (>= 2.2.0)
      railties (~> 3.2.0)
    coffee-script (2.2.0)
      coffee-script-source
      execjs
    coffee-script-source (1.3.3)
    commonjs (0.2.6)
    database_cleaner (0.7.0)
    devise (2.0.4)
      bcrypt-ruby (~> 3.0)
      orm_adapter (~> 0.0.3)
      railties (~> 3.1)
      warden (~> 1.1.1)
    diff-lcs (1.1.3)
    erubis (2.7.0)
    execjs (1.4.0)
      multi_json (~> 1.0)
    factory_girl (3.5.0)
      activesupport (>= 3.0.0)
    factory_girl_rails (3.5.0)
      factory_girl (~> 3.5.0)
      railties (>= 3.0.0)
    faraday (0.8.4)
      multipart-post (~> 1.1)
    ffi (1.0.11-java)
    growl (1.0.3)
    guard (1.3.2)
      listen (>= 0.4.2)
      thor (>= 0.14.6)
    guard-rspec (0.5.5)
      guard (>= 0.8.4)
    guard-spork (0.3.2)
      guard (>= 0.8.4)
      spork (>= 0.8.4)
    haml (3.1.7)
    haml-rails (0.3.5)
      actionpack (>= 3.1, < 4.1)
      activesupport (>= 3.1, < 4.1)
      haml (~> 3.1)
      railties (>= 3.1, < 4.1)
    hashie (1.2.0)
    hashr (0.0.22)
    hike (1.2.1)
    httpauth (0.1)
    i18n (0.6.1)
    journey (1.0.4)
    jquery-rails (2.1.2)
      railties (>= 3.1.0, < 5.0)
      thor (~> 0.14)
    jruby-openssl (0.7.7)
      bouncy-castle-java (>= 1.5.0146.1)
    json (1.7.5-java)
    jwt (0.1.5)
      multi_json (>= 1.0)
    launchy (2.1.0-java)
      addressable (~> 2.2.6)
      ffi (~> 1.0.9)
      spoon (~> 0.0.1)
    less (2.2.2)
      commonjs (~> 0.2.6)
    less-rails (2.2.3)
      actionpack (>= 3.1)
      less (~> 2.2.0)
    libwebsocket (0.1.5)
      addressable
    listen (0.5.0)
    mail (2.4.4)
      i18n (>= 0.4.0)
      mime-types (~> 1.16)
      treetop (~> 1.4.8)
    marc (0.5.0)
    mime-types (1.19)
    multi_json (1.3.6)
    multipart-post (1.1.5)
    neo4j-community (1.8.M07-java)
    neo4j-wrapper (2.1.0-java)
      neo4j-core (= 2.1.0)
    neo4jrb-paperclip (0.0.1-java)
      paperclip (~> 2.3.6)
    nested_form (0.2.3)
    nokogiri (1.5.5-java)
    oa-core (0.0.5)
      rack (~> 1.1)
    oa-oauth (0.0.1)
      json
      nokogiri
      oa-core (~> 0.0.0)
      oauth
      oauth2
    oa-openid (0.0.5)
      oa-core (= 0.0.5)
      rack-openid (~> 1.1.1)
      ruby-openid-apps-discovery
    oauth (0.4.7)
    oauth2 (0.8.0)
      faraday (~> 0.8)
      httpauth (~> 0.1)
      jwt (~> 0.1.4)
      multi_json (~> 1.0)
      rack (~> 1.2)
    omniauth (1.1.1)
      hashie (~> 1.2)
      rack
    omniauth-google-oauth2 (0.1.13)
      omniauth (~> 1.0)
      omniauth-oauth2
    omniauth-oauth2 (1.1.0)
      oauth2 (~> 0.8.0)
      omniauth (~> 1.0)
    orm_adapter (0.0.7)
    paperclip (2.3.16)
      activerecord (>= 2.3.0)
      activesupport (>= 2.3.2)
      cocaine (>= 0.0.2)
      mime-types
    polyglot (0.3.3)
    rack (1.4.1)
    rack-cache (1.2)
      rack (>= 0.4)
    rack-openid (1.1.2)
      rack (>= 0.4)
      ruby-openid (>= 2.0.3)
    rack-ssl (1.3.2)
      rack
    rack-test (0.6.1)
      rack (>= 1.0)
    rails (3.2.3)
      actionmailer (= 3.2.3)
      actionpack (= 3.2.3)
      activerecord (= 3.2.3)
      activeresource (= 3.2.3)
      activesupport (= 3.2.3)
      bundler (~> 1.0)
      railties (= 3.2.3)
    railties (3.2.3)
      actionpack (= 3.2.3)
      activesupport (= 3.2.3)
      rack-ssl (~> 1.3.2)
      rake (>= 0.8.7)
      rdoc (~> 3.4)
      thor (~> 0.14.6)
    rake (0.9.2.2)
    rb-fsevent (0.9.1)
    rdoc (3.12)
      json (~> 1.4)
    rest-client (1.6.7)
      mime-types (>= 1.16)
    rspec (2.11.0)
      rspec-core (~> 2.11.0)
      rspec-expectations (~> 2.11.0)
      rspec-mocks (~> 2.11.0)
    rspec-core (2.11.1)
    rspec-expectations (2.11.3)
      diff-lcs (~> 1.1.3)
    rspec-mocks (2.11.2)
    rspec-rails (2.11.0)
      actionpack (>= 3.0)
      activesupport (>= 3.0)
      railties (>= 3.0)
      rspec (~> 2.11.0)
    ruby-openid (2.2.0)
    ruby-openid-apps-discovery (1.2.0)
      ruby-openid (>= 2.1.7)
    rubyzip (0.9.9)
    sass (3.2.1)
    sass-rails (3.2.5)
      railties (~> 3.2.0)
      sass (>= 3.1.10)
      tilt (~> 1.3)
    selenium-webdriver (2.25.0)
      childprocess (>= 0.2.5)
      libwebsocket (~> 0.1.3)
      multi_json (~> 1.0)
      rubyzip
    simple_form (2.0.2)
      actionpack (~> 3.0)
      activemodel (~> 3.0)
    simplecov (0.6.4)
      multi_json (~> 1.0)
      simplecov-html (~> 0.5.3)
    simplecov-html (0.5.3)
    spoon (0.0.1)
    spork (0.9.0)
    sprockets (2.1.3)
      hike (~> 1.2)
      rack (~> 1.0)
      tilt (~> 1.1, != 1.3.0)
    steak (2.0.0)
      capybara (>= 1.0.0)
      rspec-rails (>= 2.5.0)
    sys-uname (0.9.0)
      ffi (>= 1.0.0)
    therubyrhino (1.73.5)
    thor (0.14.6)
    tilt (1.3.3)
    tire (0.4.2)
      activemodel (>= 3.0)
      hashr (~> 0.0.19)
      multi_json (~> 1.0)
      rake
      rest-client (~> 1.6)
    torquebox (2.1.0)
      thor (= 0.14.6)
      torquebox-cache (= 2.1.0)
      torquebox-configure (= 2.1.0)
      torquebox-core (= 2.1.0)
      torquebox-messaging (= 2.1.0)
      torquebox-naming (= 2.1.0)
      torquebox-rake-support (= 2.1.0)
      torquebox-security (= 2.1.0)
      torquebox-stomp (= 2.1.0)
      torquebox-transactions (= 2.1.0)
      torquebox-web (= 2.1.0)
    torquebox-cache (2.1.0-java)
      torquebox-core (= 2.1.0)
      torquebox-transactions (= 2.1.0)
    torquebox-configure (2.1.0-java)
      blankslate (= 2.1.2.4)
    torquebox-core (2.1.0-java)
    torquebox-messaging (2.1.0-java)
      clj (= 0.0.5.6)
      torquebox-core (= 2.1.0)
      torquebox-transactions (= 2.1.0)
    torquebox-naming (2.1.0-java)
    torquebox-rake-support (2.1.0)
      rake (>= 0.8.7, < 1.0.0)
    torquebox-security (2.1.0-java)
      torquebox-core (= 2.1.0)
    torquebox-stomp (2.1.0)
      torquebox-core (= 2.1.0)
      torquebox-messaging (= 2.1.0)
    torquebox-transactions (2.1.0)
      torquebox-core (= 2.1.0)
    torquebox-web (2.1.0-java)
    treetop (1.4.10)
      polyglot
      polyglot (>= 0.3.1)
    tzinfo (0.3.33)
    uglifier (1.2.6)
      execjs (>= 0.3.0)
      multi_json (~> 1.3)
    warden (1.1.1)
      rack (>= 1.0)
    will_paginate (3.0.3)
    xml-simple (1.1.1)
    xpath (0.1.4)
      nokogiri (~> 1.3)

PLATFORMS
  java

DEPENDENCIES
  autotest-fsevent
  autotest-growl
  autotest-rails
  aws-s3
  bootstrap-datepicker-rails
  bootstrap-wysihtml5-rails
  capybara (= 1.1.2)
  coffee-rails (~> 3.2.1)
  database_cleaner (= 0.7.0)
  devise (= 2.0.4)
  devise-neo4j!
  factory_girl_rails (~> 3.5.0)
  growl (= 1.0.3)
  guard-rspec (= 0.5.5)
  guard-spork (= 0.3.2)
  haml-rails
  jquery-rails
  jruby-openssl
  launchy (= 2.1.0)
  marc
  neo4j!
  neo4j-core!
  neo4j-will_paginate!
  neo4jrb-paperclip
  nested_form
  omniauth-google-oauth2
  paperclip (= 2.3.16)
  rails (= 3.2.3)
  rb-fsevent (= 0.9.1)
  rspec-rails (= 2.11.0)
  sass-rails (~> 3.2.3)
  simple_form
  simplecov
  spork (= 0.9.0)
  steak
  therubyrhino
  tire
  torquebox (= 2.1.0)
  torquebox-rake-support
  twitter-bootstrap-rails!
  uglifier (= 1.2.6)
  will_paginate
