GIT
  remote: https://github.com/cfitz/database_cleaner.git
  revision: 791610a917206b1adf2471e79a93b4ee18855b09
  specs:
    database_cleaner (0.9.1)

GIT
  remote: https://github.com/cfitz/devise-neo4j.git
  revision: db1a0ea46308c044c9453e2198a2b02e7db869c5
  specs:
    devise-neo4j (1.0.4-java)
      bcrypt-ruby (~> 3.0)
      devise (~> 2.2.0)
      neo4j (~> 2.2.0)
      orm_adapter (~> 0.1)
      railties (~> 3.1)
      warden (~> 1.2.1)

GEM
  remote: https://rubygems.org/
  specs:
    ZenTest (4.8.3)
    actionmailer (3.2.13)
      actionpack (= 3.2.13)
      mail (~> 2.5.3)
    actionpack (3.2.13)
      activemodel (= 3.2.13)
      activesupport (= 3.2.13)
      builder (~> 3.0.0)
      erubis (~> 2.7.0)
      journey (~> 1.0.4)
      rack (~> 1.4.5)
      rack-cache (~> 1.2)
      rack-test (~> 0.6.1)
      sprockets (~> 2.2.1)
    activemodel (3.2.13)
      activesupport (= 3.2.13)
      builder (~> 3.0.0)
    activerecord (3.2.13)
      activemodel (= 3.2.13)
      activesupport (= 3.2.13)
      arel (~> 3.0.2)
      tzinfo (~> 0.3.29)
    activeresource (3.2.13)
      activemodel (= 3.2.13)
      activesupport (= 3.2.13)
    activesupport (3.2.13)
      i18n (= 0.6.1)
      multi_json (~> 1.0)
    addressable (2.2.8)
    ansi (1.4.3)
    arel (3.0.2)
    autotest-fsevent (0.2.8)
      sys-uname
    autotest-growl (0.2.16)
    autotest-rails (4.1.2)
      ZenTest (~> 4.5)
    bcrypt-ruby (3.0.1-java)
    blankslate (2.1.2.4)
    bouncy-castle-java (1.5.0147)
    builder (3.0.4)
    capistrano (2.15.4)
      highline
      net-scp (>= 1.0.0)
      net-sftp (>= 2.0.0)
      net-ssh (>= 2.0.14)
      net-ssh-gateway (>= 1.1.0)
    capybara (1.1.2)
      mime-types (>= 1.16)
      nokogiri (>= 1.3.3)
      rack (>= 1.0.0)
      rack-test (>= 0.5.4)
      selenium-webdriver (~> 2.0)
      xpath (~> 0.1.4)
    childprocess (0.3.9)
      ffi (~> 1.0, >= 1.0.11)
    coderay (1.0.9)
    coffee-rails (3.2.2)
      coffee-script (>= 2.2.0)
      railties (~> 3.2.0)
    coffee-script (2.2.0)
      coffee-script-source
      execjs
    coffee-script-source (1.6.2)
    commonjs (0.2.6)
    cucumber (1.3.2)
      builder (>= 2.1.2)
      diff-lcs (>= 1.1.3)
      gherkin (~> 2.12.0)
      multi_json (~> 1.3)
    cucumber-rails (1.3.1)
      capybara (>= 1.1.2)
      cucumber (>= 1.2.0)
      nokogiri (>= 1.5.0)
      rails (~> 3.0)
    devise (2.2.4)
      bcrypt-ruby (~> 3.0)
      orm_adapter (~> 0.1)
      railties (~> 3.1)
      warden (~> 1.2.1)
    diff-lcs (1.2.4)
    edn (1.0.0)
      parslet (~> 1.4.0)
    email_spec (1.4.0)
      launchy (~> 2.1)
      mail (~> 2.2)
    erubis (2.7.0)
    execjs (1.4.0)
      multi_json (~> 1.0)
    factory_girl (3.5.0)
      activesupport (>= 3.0.0)
    factory_girl_rails (3.5.0)
      factory_girl (~> 3.5.0)
      railties (>= 3.0.0)
    faraday (0.8.7)
      multipart-post (~> 1.1)
    ffi (1.0.11-java)
    formatador (0.2.4)
    gherkin (2.12.0-java)
      multi_json (~> 1.3)
    google_drive (0.3.3)
      nokogiri (>= 1.4.4, != 1.5.2, != 1.5.1)
      oauth (>= 0.3.6)
      oauth2 (>= 0.5.0)
    growl (1.0.3)
    guard (1.7.0)
      formatador (>= 0.2.4)
      listen (>= 0.6.0)
      lumberjack (>= 1.0.2)
      pry (>= 0.9.10)
      thor (>= 0.14.6)
    guard-rspec (0.5.5)
      guard (>= 0.8.4)
    guard-spork (0.3.2)
      guard (>= 0.8.4)
      spork (>= 0.8.4)
    haml (4.0.3)
      tilt
    haml-rails (0.4)
      actionpack (>= 3.1, < 4.1)
      activesupport (>= 3.1, < 4.1)
      haml (>= 3.1, < 4.1)
      railties (>= 3.1, < 4.1)
    hashie (2.0.5)
    hashr (0.0.22)
    highline (1.6.19)
    hike (1.2.3)
    httpauth (0.2.0)
    i18n (0.6.1)
    journey (1.0.4)
    jquery-rails (3.0.1)
      railties (>= 3.0, < 5.0)
      thor (>= 0.14, < 2.0)
    jruby-openssl (0.7.7)
      bouncy-castle-java (>= 1.5.0146.1)
    json (1.8.0-java)
    jwt (0.1.8)
      multi_json (>= 1.5)
    launchy (2.1.0-java)
      addressable (~> 2.2.6)
      ffi (~> 1.0.9)
      spoon (~> 0.0.1)
    less (2.3.2)
      commonjs (~> 0.2.6)
    less-rails (2.3.3)
      actionpack (>= 3.1)
      less (~> 2.3.1)
    listen (0.7.3)
    lumberjack (1.0.4)
    mail (2.5.4)
      mime-types (~> 1.16)
      treetop (~> 1.4.8)
    marc (0.5.0)
    method_source (0.8.1)
    mime-types (1.23)
    mini_portile (0.5.0)
    multi_json (1.7.7)
    multipart-post (1.2.0)
    neo4j (2.2.4-java)
      activemodel (>= 3.0.0, < 3.3)
      neo4j-wrapper (= 2.2.4)
      orm_adapter (>= 0.0.3)
      railties (>= 3.0.0, < 3.3)
    neo4j-community (1.8.2-java)
    neo4j-core (2.2.4-java)
      neo4j-community (>= 1.8.1, < 1.9)
      neo4j-cypher (~> 1.0.0)
    neo4j-cypher (1.0.0)
    neo4j-will_paginate (0.2.1-java)
      activesupport (~> 3.0)
      neo4j (~> 2.2)
      will_paginate (~> 3.0)
    neo4j-wrapper (2.2.4-java)
      neo4j-core (= 2.2.4)
    nested_form (0.3.2)
    net-scp (1.1.1)
      net-ssh (>= 2.6.5)
    net-sftp (2.1.2)
      net-ssh (>= 2.6.5)
    net-ssh (2.6.7)
    net-ssh-gateway (1.2.0)
      net-ssh (>= 2.6.5)
    nokogiri (1.6.0-java)
      mini_portile (~> 0.5.0)
    oauth (0.4.7)
    oauth2 (0.8.1)
      faraday (~> 0.8)
      httpauth (~> 0.1)
      jwt (~> 0.1.4)
      multi_json (~> 1.0)
      rack (~> 1.2)
    omniauth (1.1.4)
      hashie (>= 1.2, < 3)
      rack
    omniauth-google-oauth2 (0.1.13)
      omniauth (~> 1.0)
      omniauth-oauth2
    omniauth-oauth2 (1.1.1)
      oauth2 (~> 0.8.0)
      omniauth (~> 1.0)
    orm_adapter (0.4.0)
    parslet (1.4.0)
      blankslate (~> 2.0)
    polyglot (0.3.3)
    pry (0.9.12.2-java)
      coderay (~> 1.0.5)
      method_source (~> 0.8)
      slop (~> 3.4)
      spoon (~> 0.0)
    rack (1.4.5)
    rack-cache (1.2)
      rack (>= 0.4)
    rack-ssl (1.3.3)
      rack
    rack-test (0.6.2)
      rack (>= 1.0)
    rails (3.2.13)
      actionmailer (= 3.2.13)
      actionpack (= 3.2.13)
      activerecord (= 3.2.13)
      activeresource (= 3.2.13)
      activesupport (= 3.2.13)
      bundler (~> 1.0)
      railties (= 3.2.13)
    railties (3.2.13)
      actionpack (= 3.2.13)
      activesupport (= 3.2.13)
      rack-ssl (~> 1.3.2)
      rake (>= 0.8.7)
      rdoc (~> 3.4)
      thor (>= 0.14.6, < 2.0)
    rake (10.1.0)
    rb-fsevent (0.9.1)
    rdoc (3.12.2)
      json (~> 1.4)
    rest-client (1.6.7)
      mime-types (>= 1.16)
    rspec-core (2.13.1)
    rspec-expectations (2.13.0)
      diff-lcs (>= 1.1.3, < 2.0)
    rspec-mocks (2.13.1)
    rspec-rails (2.13.2)
      actionpack (>= 3.0)
      activesupport (>= 3.0)
      railties (>= 3.0)
      rspec-core (~> 2.13.0)
      rspec-expectations (~> 2.13.0)
      rspec-mocks (~> 2.13.0)
    rtika (0.3.0)
    rubyzip (0.9.9)
    sass (3.2.9)
    sass-rails (3.2.6)
      railties (~> 3.2.0)
      sass (>= 3.1.10)
      tilt (~> 1.3)
    selenium-webdriver (2.33.0)
      childprocess (>= 0.2.5)
      multi_json (~> 1.0)
      rubyzip
      websocket (~> 1.0.4)
    simple_form (2.1.0)
      actionpack (~> 3.0)
      activemodel (~> 3.0)
    simplecov (0.7.1)
      multi_json (~> 1.0)
      simplecov-html (~> 0.7.1)
    simplecov-html (0.7.1)
    slop (3.4.5)
    spoon (0.0.4)
      ffi
    spork (0.9.0)
    sprockets (2.2.2)
      hike (~> 1.2)
      multi_json (~> 1.0)
      rack (~> 1.0)
      tilt (~> 1.1, != 1.3.0)
    sys-uname (0.9.2)
      ffi (>= 1.0.0)
    therubyrhino (2.0.2)
      therubyrhino_jar (>= 1.7.3)
    therubyrhino_jar (1.7.4)
    thor (0.18.1)
    tilt (1.4.1)
    tire (0.6.0)
      activemodel (>= 3.0)
      activesupport
      ansi
      hashr (~> 0.0.19)
      multi_json (~> 1.3)
      rake
      rest-client (~> 1.6)
    torquebox (2.3.0)
      thor (>= 0.14.6)
      torquebox-cache (= 2.3.0)
      torquebox-configure (= 2.3.0)
      torquebox-core (= 2.3.0)
      torquebox-messaging (= 2.3.0)
      torquebox-naming (= 2.3.0)
      torquebox-rake-support (= 2.3.0)
      torquebox-security (= 2.3.0)
      torquebox-stomp (= 2.3.0)
      torquebox-transactions (= 2.3.0)
      torquebox-web (= 2.3.0)
    torquebox-cache (2.3.0-java)
      torquebox-core (= 2.3.0)
      torquebox-transactions (= 2.3.0)
    torquebox-capistrano-support (2.3.2)
    torquebox-configure (2.3.0-java)
      blankslate (= 2.1.2.4)
    torquebox-core (2.3.0-java)
    torquebox-messaging (2.3.0-java)
      edn (= 1.0.0)
      torquebox-core (= 2.3.0)
      torquebox-transactions (= 2.3.0)
    torquebox-naming (2.3.0-java)
    torquebox-rake-support (2.3.0)
      rake (>= 0.8.7)
    torquebox-security (2.3.0-java)
      torquebox-core (= 2.3.0)
    torquebox-server (2.3.0-java)
      torquebox (= 2.3.0)
    torquebox-stomp (2.3.0)
      torquebox-core (= 2.3.0)
      torquebox-messaging (= 2.3.0)
    torquebox-transactions (2.3.0)
      torquebox-core (= 2.3.0)
    torquebox-web (2.3.0-java)
    treetop (1.4.14)
      polyglot
      polyglot (>= 0.3.1)
    twitter-bootstrap-rails (2.2.7)
      actionpack (>= 3.1)
      execjs
      rails (>= 3.1)
      railties (>= 3.1)
    tzinfo (0.3.37)
    uglifier (1.2.6)
      execjs (>= 0.3.0)
      multi_json (~> 1.3)
    warden (1.2.1)
      rack (>= 1.0)
    websocket (1.0.7)
    will_paginate (3.0.4)
    xpath (0.1.4)
      nokogiri (~> 1.3)

PLATFORMS
  java

DEPENDENCIES
  ZenTest (= 4.8.3)
  autotest-fsevent
  autotest-growl
  autotest-rails
  capistrano
  capybara (= 1.1.2)
  coffee-rails (~> 3.2.1)
  cucumber-rails
  database_cleaner!
  devise (>= 2.2.0)
  devise-neo4j!
  email_spec (>= 1.4.0)
  factory_girl_rails (~> 3.5.0)
  google_drive (= 0.3.3)
  growl (= 1.0.3)
  guard-rspec (= 0.5.5)
  guard-spork (= 0.3.2)
  haml-rails
  jquery-rails
  jruby-openssl (= 0.7.7)
  launchy (= 2.1.0)
  less-rails
  marc
  neo4j
  neo4j-will_paginate
  nested_form
  omniauth-google-oauth2 (= 0.1.13)
  rails (= 3.2.13)
  rb-fsevent (= 0.9.1)
  rspec-rails
  rtika
  sass-rails (~> 3.2.3)
  simple_form
  simplecov
  spork (= 0.9.0)
  therubyrhino
  tire
  torquebox-capistrano-support
  torquebox-rake-support
  torquebox-server
  twitter-bootstrap-rails
  uglifier (= 1.2.6)
  will_paginate
